PATH
  remote: .
  specs:
    booking_trick (0.1.0)

GEM
  remote: https://rubygems.org/
  specs:
    coderay (1.1.3)
    method_source (1.0.0)
    pry (0.14.0)
      coderay (~> 1.1)
      method_source (~> 1.0)
    rake (10.5.0)

PLATFORMS
  ruby

DEPENDENCIES
  booking_trick!
  bundler (~> 1.17)
  pry
  rake (~> 10.0)

BUNDLED WITH
   1.17.3
